GEM
  remote: https://rubygems.org/
  specs:
    agoo (2.15.8)
    base64 (0.2.0)
    faraday (2.8.1)
      base64
      faraday-net_http (>= 2.0, < 3.1)
      ruby2_keywords (>= 0.0.4)
    faraday-net_http (3.0.2)
    json (2.7.1)
    ruby2_keywords (0.0.5)

PLATFORMS
  aarch64-linux
  arm-linux
  arm64-darwin
  x86-linux
  x86_64-darwin
  x86_64-linux

DEPENDENCIES
  agoo
  faraday
  json

BUNDLED WITH
   2.5.3
